PATH
  remote: .
  specs:
    clamrb (0.0.3)
      rake-compiler (~> 1.0)

GEM
  remote: https://rubygems.org/
  specs:
    power_assert (1.2.0)
    rake (13.0.1)
    rake-compiler (1.1.0)
      rake
    test-unit (3.3.5)
      power_assert

PLATFORMS
  ruby

DEPENDENCIES
  bundler
  clamrb!
  rake (>= 12.3.3)
  test-unit (~> 3.2)

BUNDLED WITH
   2.1.4
