PATH
  remote: .
  specs:
    clamrb (0.0.3)
      rake-compiler (~> 1.0)

GEM
  remote: https://rubygems.org/
  specs:
    power_assert (2.0.4)
    rake (13.2.1)
    rake-compiler (1.2.8)
      rake
    test-unit (3.6.2)
      power_assert

PLATFORMS
  ruby
  x86_64-linux-gnu

DEPENDENCIES
  bundler (~> 2.5)
  clamrb!
  rake (>= 12.3.3)
  test-unit (~> 3.2)

BUNDLED WITH
   2.5.21
